GEM
  remote: https://rubygems.org/
  specs:
    addressable (2.7.0)
      public_suffix (>= 2.0.2, < 5.0)
    colorize (0.8.1)
    diff-lcs (1.4.4)
    faraday (1.2.0)
      multipart-post (>= 1.2, < 3)
      ruby2_keywords
    git-pr-release (1.4.0)
      colorize
      diff-lcs
      highline
      octokit
    highline (2.0.3)
    multipart-post (2.1.1)
    octokit (4.20.0)
      faraday (>= 0.9)
      sawyer (~> 0.8.0, >= 0.5.3)
    public_suffix (4.0.6)
    ruby2_keywords (0.0.2)
    sawyer (0.8.2)
      addressable (>= 2.3.5)
      faraday (> 0.8, < 2.0)

PLATFORMS
  ruby

DEPENDENCIES
  git-pr-release

BUNDLED WITH
   2.1.4
